GIT
  remote: git://github.com/hyone/my_docker_raketasks.git
  revision: 376c3b18a74a96cb06697d30cecf788328f03497
  specs:
    my_docker_raketasks (0.0.1)
      rake

GEM
  remote: https://rubygems.org/
  specs:
    archive-tar-minitar (0.5.2)
    diff-lcs (1.2.5)
    docker-api (1.8.0)
      archive-tar-minitar
      excon (>= 0.28)
      json
    excon (0.31.0)
    highline (1.6.20)
    json (1.8.1)
    net-ssh (2.8.0)
    rake (10.1.1)
    rspec (2.14.1)
      rspec-core (~> 2.14.0)
      rspec-expectations (~> 2.14.0)
      rspec-mocks (~> 2.14.0)
    rspec-core (2.14.7)
    rspec-expectations (2.14.5)
      diff-lcs (>= 1.1.3, < 2.0)
    rspec-mocks (2.14.5)
    serverspec (0.15.3)
      highline
      net-ssh
      rspec (>= 2.13.0)
      specinfra (>= 0.5.8)
    specinfra (0.5.9)

PLATFORMS
  ruby

DEPENDENCIES
  docker-api
  my_docker_raketasks!
  rake
  serverspec
